GIT
  remote: https://github.com/shanser/activeadmin
  revision: 24174b48581504068a71f32a916d71b71d8285e4
  branch: 7084-renders-action-items-only-when-authorized
  specs:
    activeadmin (2.9.0)
      arbre (~> 1.2, >= 1.2.1)
      formtastic (>= 3.1, < 5.0)
      formtastic_i18n (~> 0.4)
      inherited_resources (~> 1.7)
      jquery-rails (~> 4.2)
      kaminari (~> 1.0, >= 1.2.1)
      railties (>= 5.2, < 6.2)
      ransack (~> 2.1, >= 2.1.1)

GIT
  remote: https://github.com/shanser/activeadmin-xls
  revision: d67442370530e36b3d82e40e6bb779dd47c151c5
  branch: autoload
  specs:
    activeadmin-xls (2.0.3)
      activeadmin (>= 1.0.0)
      spreadsheet (~> 1.0)

GEM
  remote: https://rubygems.org/
  remote: https://rails-assets.org/
  specs:
    Ascii85 (1.1.0)
    actioncable (6.1.5)
      actionpack (= 6.1.5)
      activesupport (= 6.1.5)
      nio4r (~> 2.0)
      websocket-driver (>= 0.6.1)
    actionmailbox (6.1.5)
      actionpack (= 6.1.5)
      activejob (= 6.1.5)
      activerecord (= 6.1.5)
      activestorage (= 6.1.5)
      activesupport (= 6.1.5)
      mail (>= 2.7.1)
    actionmailer (6.1.5)
      actionpack (= 6.1.5)
      actionview (= 6.1.5)
      activejob (= 6.1.5)
      activesupport (= 6.1.5)
      mail (~> 2.5, >= 2.5.4)
      rails-dom-testing (~> 2.0)
    actionpack (6.1.5)
      actionview (= 6.1.5)
      activesupport (= 6.1.5)
      rack (~> 2.0, >= 2.0.9)
      rack-test (>= 0.6.3)
      rails-dom-testing (~> 2.0)
      rails-html-sanitizer (~> 1.0, >= 1.2.0)
    actiontext (6.1.5)
      actionpack (= 6.1.5)
      activerecord (= 6.1.5)
      activestorage (= 6.1.5)
      activesupport (= 6.1.5)
      nokogiri (>= 1.8.5)
    actionview (6.1.5)
      activesupport (= 6.1.5)
      builder (~> 3.1)
      erubi (~> 1.4)
      rails-dom-testing (~> 2.0)
      rails-html-sanitizer (~> 1.1, >= 1.2.0)
    active_admin-humanized_enum (0.1.1)
      active_record-humanized_enum
      activeadmin (>= 1.0.0.pre1)
    active_material (1.5.2)
    active_record-humanized_enum (0.1.2)
      activesupport
      i18n
      railties
    activeadmin_addons (1.9.0)
      active_material
      railties
      require_all
      sassc
      sassc-rails
      xdan-datetimepicker-rails (~> 2.5.1)
    activeadmin_reorderable (0.2.1)
    activejob (6.1.5)
      activesupport (= 6.1.5)
      globalid (>= 0.3.6)
    activemodel (6.1.5)
      activesupport (= 6.1.5)
    activerecord (6.1.5)
      activemodel (= 6.1.5)
      activesupport (= 6.1.5)
    activestorage (6.1.5)
      actionpack (= 6.1.5)
      activejob (= 6.1.5)
      activerecord (= 6.1.5)
      activesupport (= 6.1.5)
      marcel (~> 1.0)
      mini_mime (>= 1.1.0)
    activesupport (6.1.5)
      concurrent-ruby (~> 1.0, >= 1.0.2)
      i18n (>= 1.6, < 2)
      minitest (>= 5.1)
      tzinfo (~> 2.0)
      zeitwerk (~> 2.3)
    acts_as_list (1.0.4)
      activerecord (>= 4.2)
    addressable (2.8.0)
      public_suffix (>= 2.0.2, < 5.0)
    afm (0.2.2)
    arbre (1.5.0)
      activesupport (>= 3.0.0, < 7.1)
      ruby2_keywords (>= 0.0.2, < 1.0)
    ast (2.4.2)
    auto_strip_attributes (2.6.0)
      activerecord (>= 4.0)
    autoprefixer-rails (10.4.2.0)
      execjs (~> 2)
    aws-eventstream (1.2.0)
    aws-partitions (1.568.0)
    aws-sdk-core (3.130.0)
      aws-eventstream (~> 1, >= 1.0.2)
      aws-partitions (~> 1, >= 1.525.0)
      aws-sigv4 (~> 1.1)
      jmespath (~> 1.0)
    aws-sdk-kms (1.55.0)
      aws-sdk-core (~> 3, >= 3.127.0)
      aws-sigv4 (~> 1.1)
    aws-sdk-s3 (1.113.0)
      aws-sdk-core (~> 3, >= 3.127.0)
      aws-sdk-kms (~> 1)
      aws-sigv4 (~> 1.4)
    aws-sigv4 (1.4.0)
      aws-eventstream (~> 1, >= 1.0.2)
    bcrypt (3.1.17)
    bindex (0.8.1)
    bootsnap (1.11.1)
      msgpack (~> 1.2)
    bootstrap (4.6.1)
      autoprefixer-rails (>= 9.1.0)
      popper_js (>= 1.14.3, < 2)
      sassc-rails (>= 2.0.0)
    builder (3.2.4)
    bullet (7.0.1)
      activesupport (>= 3.0.0)
      uniform_notifier (~> 1.11)
    byebug (11.1.3)
    cancancan (3.3.0)
    capybara (3.36.0)
      addressable
      matrix
      mini_mime (>= 0.1.3)
      nokogiri (~> 1.8)
      rack (>= 1.6.0)
      rack-test (>= 0.6.3)
      regexp_parser (>= 1.5, < 3.0)
      xpath (~> 3.2)
    chartkick (4.1.3)
    choice (0.2.0)
    coderay (1.1.3)
    coffee-rails (5.0.0)
      coffee-script (>= 2.2.0)
      railties (>= 5.2.0)
    coffee-script (2.4.1)
      coffee-script-source
      execjs
    coffee-script-source (1.12.2)
    concurrent-ruby (1.1.9)
    connection_pool (2.2.5)
    crass (1.0.6)
    descriptive_statistics (2.4.0)
    devise (4.8.1)
      bcrypt (~> 3.0)
      orm_adapter (~> 0.1)
      railties (>= 4.1.0)
      responders
      warden (~> 1.2.3)
    devise-i18n (1.10.2)
      devise (>= 4.8.0)
    diff-lcs (1.5.0)
    domain_name (0.5.20190701)
      unf (>= 0.0.5, < 1.0.0)
    e2mmap (0.1.0)
    erubi (1.10.0)
    et-orbi (1.2.7)
      tzinfo
    execjs (2.8.1)
    factory_bot (6.2.1)
      activesupport (>= 5.0.0)
    factory_bot_rails (6.2.0)
      factory_bot (~> 6.2.0)
      railties (>= 5.0.0)
    ffaker (2.20.0)
    ffi (1.15.5)
    foreman (0.87.2)
    formatador (1.1.0)
    formtastic (4.0.0)
      actionpack (>= 5.2.0)
    formtastic_i18n (0.7.0)
    fugit (1.5.2)
      et-orbi (~> 1.1, >= 1.1.8)
      raabro (~> 1.4)
    geocoder (1.7.5)
    geoip (1.6.4)
    globalid (1.0.0)
      activesupport (>= 5.0)
    groupdate (6.0.1)
      activesupport (>= 5.2)
    guard (2.18.0)
      formatador (>= 0.2.4)
      listen (>= 2.7, < 4.0)
      lumberjack (>= 1.0.12, < 2.0)
      nenv (~> 0.1)
      notiffany (~> 0.0)
      pry (>= 0.13.0)
      shellany (~> 0.0)
      thor (>= 0.18.1)
    guard-compat (1.2.1)
    guard-rspec (4.7.3)
      guard (~> 2.1)
      guard-compat (~> 1.1)
      rspec (>= 2.99.0, < 4.0)
    guard-rubocop (1.5.0)
      guard (~> 2.0)
      rubocop (< 2.0)
    has_scope (0.8.0)
      actionpack (>= 5.2)
      activesupport (>= 5.2)
    hashery (2.1.2)
    http-accept (1.7.0)
    http-cookie (1.0.4)
      domain_name (~> 0.5)
    i18n (1.10.0)
      concurrent-ruby (~> 1.0)
    inherited_resources (1.13.1)
      actionpack (>= 5.2, < 7.1)
      has_scope (~> 0.6)
      railties (>= 5.2, < 7.1)
      responders (>= 2, < 4)
    inline_svg (1.8.0)
      activesupport (>= 3.0)
      nokogiri (>= 1.6)
    jbuilder (2.11.5)
      actionview (>= 5.0.0)
      activesupport (>= 5.0.0)
    jmespath (1.6.1)
    jquery-rails (4.4.0)
      rails-dom-testing (>= 1, < 3)
      railties (>= 4.2.0)
      thor (>= 0.14, < 2.0)
    kaminari (1.2.2)
      activesupport (>= 4.1.0)
      kaminari-actionview (= 1.2.2)
      kaminari-activerecord (= 1.2.2)
      kaminari-core (= 1.2.2)
    kaminari-actionview (1.2.2)
      actionview
      kaminari-core (= 1.2.2)
    kaminari-activerecord (1.2.2)
      activerecord
      kaminari-core (= 1.2.2)
    kaminari-core (1.2.2)
    kaminari-i18n (0.5.0)
      kaminari
      rails
    launchy (2.5.0)
      addressable (~> 2.7)
    letter_opener (1.8.1)
      launchy (>= 2.2, < 3)
    libv8-node (15.14.0.1)
    listen (3.7.1)
      rb-fsevent (~> 0.10, >= 0.10.3)
      rb-inotify (~> 0.9, >= 0.9.10)
    loofah (2.15.0)
      crass (~> 1.0.2)
      nokogiri (>= 1.5.9)
    lumberjack (1.2.8)
    mail (2.7.1)
      mini_mime (>= 0.1.1)
    mailjet (1.6.0)
      activesupport (>= 3.1.0)
      rack (>= 1.4.0)
      rest-client (>= 2.0.0)
    marcel (1.0.2)
    matrix (0.4.2)
    method_source (1.0.0)
    mime-types (3.4.1)
      mime-types-data (~> 3.2015)
    mime-types-data (3.2022.0105)
    mini_mime (1.1.2)
    mini_portile2 (2.8.0)
    mini_racer (0.4.0)
      libv8-node (~> 15.14.0.0)
    minitest (5.15.0)
    msgpack (1.4.5)
    nenv (0.3.0)
    netrc (0.11.0)
    nio4r (2.5.8)
    nokogiri (1.13.4)
      mini_portile2 (~> 2.8.0)
      racc (~> 1.4)
    notiffany (0.1.3)
      nenv (~> 0.1)
      shellany (~> 0.0)
    orm_adapter (0.5.0)
    parallel (1.22.0)
    parser (3.1.1.0)
      ast (~> 2.4.1)
    pdf-reader (2.9.2)
      Ascii85 (~> 1.0)
      afm (~> 0.2.1)
      hashery (~> 2.0)
      ruby-rc4
      ttfunk
    pg (1.3.4)
    popper_js (1.16.0)
    pry (0.14.1)
      coderay (~> 1.1)
      method_source (~> 1.0)
    public_suffix (4.0.6)
    puma (4.3.12)
      nio4r (~> 2.0)
    raabro (1.4.0)
    racc (1.6.0)
    rack (2.2.3)
    rack-cors (1.1.1)
      rack (>= 2.0.0)
    rack-test (1.1.0)
      rack (>= 1.0, < 3)
    rails (6.1.5)
      actioncable (= 6.1.5)
      actionmailbox (= 6.1.5)
      actionmailer (= 6.1.5)
      actionpack (= 6.1.5)
      actiontext (= 6.1.5)
      actionview (= 6.1.5)
      activejob (= 6.1.5)
      activemodel (= 6.1.5)
      activerecord (= 6.1.5)
      activestorage (= 6.1.5)
      activesupport (= 6.1.5)
      bundler (>= 1.15.0)
      railties (= 6.1.5)
      sprockets-rails (>= 2.0.0)
    rails-assets-clipboard (2.0.10)
    rails-dom-testing (2.0.3)
      activesupport (>= 4.2.0)
      nokogiri (>= 1.6)
    rails-erd (1.6.1)
      activerecord (>= 4.2)
      activesupport (>= 4.2)
      choice (~> 0.2.0)
      ruby-graphviz (~> 1.2)
    rails-html-sanitizer (1.4.2)
      loofah (~> 2.3)
    rails-i18n (7.0.3)
      i18n (>= 0.7, < 2)
      railties (>= 6.0.0, < 8)
    railties (6.1.5)
      actionpack (= 6.1.5)
      activesupport (= 6.1.5)
      method_source
      rake (>= 12.2)
      thor (~> 1.0)
    rainbow (3.1.1)
    rake (13.0.6)
    ransack (2.6.0)
      activerecord (>= 6.0.4)
      activesupport (>= 6.0.4)
      i18n
    rb-fsevent (0.11.1)
    rb-inotify (0.10.1)
      ffi (~> 1.0)
    recipient_interceptor (0.3.1)
      mail
    redcarpet (3.5.1)
    redis (4.6.0)
    regexp_parser (2.2.1)
    require_all (3.0.0)
    responders (3.0.1)
      actionpack (>= 5.0)
      railties (>= 5.0)
    rest-client (2.1.0)
      http-accept (>= 1.7.0, < 2.0)
      http-cookie (>= 1.0.2, < 2.0)
      mime-types (>= 1.16, < 4.0)
      netrc (~> 0.8)
    rexml (3.2.5)
    rollbar (3.3.0)
    rspec (3.11.0)
      rspec-core (~> 3.11.0)
      rspec-expectations (~> 3.11.0)
      rspec-mocks (~> 3.11.0)
    rspec-core (3.11.0)
      rspec-support (~> 3.11.0)
    rspec-expectations (3.11.0)
      diff-lcs (>= 1.2.0, < 2.0)
      rspec-support (~> 3.11.0)
    rspec-mocks (3.11.0)
      diff-lcs (>= 1.2.0, < 2.0)
      rspec-support (~> 3.11.0)
    rspec-rails (5.1.1)
      actionpack (>= 5.2)
      activesupport (>= 5.2)
      railties (>= 5.2)
      rspec-core (~> 3.10)
      rspec-expectations (~> 3.10)
      rspec-mocks (~> 3.10)
      rspec-support (~> 3.10)
    rspec-support (3.11.0)
    rspec_junit_formatter (0.4.1)
      rspec-core (>= 2, < 4, != 2.12.0)
    rubocop (1.26.0)
      parallel (~> 1.10)
      parser (>= 3.1.0.0)
      rainbow (>= 2.2.2, < 4.0)
      regexp_parser (>= 1.8, < 3.0)
      rexml
      rubocop-ast (>= 1.16.0, < 2.0)
      ruby-progressbar (~> 1.7)
      unicode-display_width (>= 1.4.0, < 3.0)
    rubocop-ast (1.16.0)
      parser (>= 3.1.1.0)
    rubocop-rspec (2.9.0)
      rubocop (~> 1.19)
    ruby-graphviz (1.2.5)
      rexml
    ruby-ole (1.2.12.2)
    ruby-progressbar (1.11.0)
    ruby-rc4 (0.1.5)
    ruby2_keywords (0.0.5)
    rufus-scheduler (3.8.1)
      fugit (~> 1.1, >= 1.1.6)
    sass-rails (6.0.0)
      sassc-rails (~> 2.1, >= 2.1.1)
    sassc (2.4.0)
      ffi (~> 1.9)
    sassc-rails (2.1.2)
      railties (>= 4.0.0)
      sassc (>= 2.0)
      sprockets (> 3.0)
      sprockets-rails
      tilt
    shellany (0.0.1)
    shoulda-matchers (5.1.0)
      activesupport (>= 5.2.0)
    sidekiq (6.4.1)
      connection_pool (>= 2.2.2)
      rack (~> 2.0)
      redis (>= 4.2.0)
    sidekiq-scheduler (3.1.1)
      e2mmap
      redis (>= 3, < 5)
      rufus-scheduler (~> 3.2)
      sidekiq (>= 3)
      thwait
      tilt (>= 1.4.0)
    simpleidn (0.2.1)
      unf (~> 0.1.4)
    spreadsheet (1.3.0)
      ruby-ole
    spring (2.1.1)
    spring-commands-rspec (1.0.4)
      spring (>= 0.9.1)
    spring-watcher-listen (2.0.1)
      listen (>= 2.7, < 4.0)
      spring (>= 1.2, < 3.0)
    sprockets (4.0.3)
      concurrent-ruby (~> 1.0)
      rack (> 1, < 3)
    sprockets-rails (3.4.2)
      actionpack (>= 5.2)
      activesupport (>= 5.2)
      sprockets (>= 3.0.0)
    tarteaucitron (0.3.2)
      geoip
    thor (1.2.1)
    thwait (0.2.0)
      e2mmap
    tilt (2.0.10)
    truemail (2.7.1)
      simpleidn (~> 0.2.1)
    ttfunk (1.7.0)
    tzinfo (2.0.4)
      concurrent-ruby (~> 1.0)
    unf (0.1.4)
      unf_ext
    unf_ext (0.0.8.1)
    unicode-display_width (2.1.0)
    uniform_notifier (1.15.0)
    warden (1.2.9)
      rack (>= 2.0.9)
    web-console (4.2.0)
      actionview (>= 6.0.0)
      activemodel (>= 6.0.0)
      bindex (>= 0.4.0)
      railties (>= 6.0.0)
    websocket-driver (0.7.5)
      websocket-extensions (>= 0.1.0)
    websocket-extensions (0.1.5)
    wicked_pdf (2.1.0)
      activesupport
    wkhtmltopdf-binary (0.12.3.1)
    xdan-datetimepicker-rails (2.5.4)
      jquery-rails
      rails (>= 3.2.16)
    xpath (3.2.0)
      nokogiri (~> 1.8)
    zeitwerk (2.5.4)

PLATFORMS
  ruby

DEPENDENCIES
  active_admin-humanized_enum
  activeadmin!
  activeadmin-xls!
  activeadmin_addons
  activeadmin_reorderable
  acts_as_list
  addressable
  auto_strip_attributes (~> 2.6)
  aws-sdk-s3
  bootsnap (>= 1.1.0)
  bootstrap (~> 4.3, >= 4.3.1)
  bullet
  byebug
  cancancan
  capybara
  chartkick
  coffee-rails
  descriptive_statistics (~> 2.4.0)
  devise
  devise-i18n
  factory_bot_rails
  ffaker
  foreman
  geocoder
  groupdate
  guard-rspec
  guard-rubocop
  inline_svg
  jbuilder
  jquery-rails
  kaminari-i18n
  launchy
  letter_opener
  listen (~> 3.2)
  mailjet
  mini_racer (~> 0.4.0)
  pdf-reader
  pg (~> 1.0)
  puma (~> 4.3)
  rack-cors
  rails (~> 6.1.0)
  rails-assets-clipboard!
  rails-erd
  rails-i18n
  recipient_interceptor
  redcarpet
  redis
  rollbar
  rspec-rails
  rspec_junit_formatter (~> 0.4.1)
  rubocop
  rubocop-rspec
  sass-rails (>= 6)
  shoulda-matchers
  sidekiq
  sidekiq-scheduler
  spring
  spring-commands-rspec
  spring-watcher-listen (~> 2.0.0)
  tarteaucitron
  truemail
  web-console
  wicked_pdf
  wkhtmltopdf-binary (~> 0.12.3.1)

RUBY VERSION
   ruby 2.7.4p191

BUNDLED WITH
   2.1.4
